STORAGE: NONE
RESTRICTION: || (== net50) (== netcoreapp3.1) (== netstandard2.1)
NUGET
  remote: https://api.nuget.org/v3/index.json
    Amazon.Lambda.APIGatewayEvents (2.4)
      Newtonsoft.Json (>= 9.0.1) - restriction: || (&& (== net50) (< netcoreapp3.1)) (== netstandard2.1)
    Amazon.Lambda.Core (2.0)
    Amazon.Lambda.RuntimeSupport (1.3)
      Amazon.Lambda.Core (>= 1.2)
      NSwag.MSBuild (>= 12.0.4)
      System.Runtime.Loader (>= 4.3)
    Amazon.Lambda.Serialization.SystemTextJson (2.1)
      Amazon.Lambda.Core (>= 1.2) - restriction: || (== net50) (== netcoreapp3.1) (&& (== netstandard2.1) (>= netcoreapp3.1))
    Amazon.Lambda.TestUtilities (2.0)
      Amazon.Lambda.Core (>= 2.0)
    Azure.Core (1.14) - restriction: || (== net50) (&& (== netcoreapp3.1) (>= net50)) (&& (== netstandard2.1) (>= net50))
      Microsoft.Bcl.AsyncInterfaces (>= 1.0)
      System.Buffers (>= 4.5.1)
      System.Diagnostics.DiagnosticSource (>= 4.6)
      System.Memory (>= 4.5.4)
      System.Memory.Data (>= 1.0.2)
      System.Numerics.Vectors (>= 4.5)
      System.Text.Encodings.Web (>= 4.7.2)
      System.Text.Json (>= 4.6)
      System.Threading.Tasks.Extensions (>= 4.5.2)
    CliWrap (3.3.2) - restriction: || (== net50) (== netcoreapp3.1) (&& (== netstandard2.1) (>= netcoreapp3.1))
    coverlet.collector (3.0.3)
    Fable.Core (3.2.7)
      FSharp.Core (>= 4.7.2)
    FsCheck (2.15.3)
      FSharp.Core (>= 4.2.3)
    FsCheck.Xunit (2.15.3)
      FsCheck (2.15.3)
      xunit.extensibility.execution (>= 2.2 < 3.0)
    FSharp.Core (5.0.1)
    FSharp.Data (4.1.1)
      FSharp.Core (>= 4.7.2)
    Google.Protobuf (3.17) - restriction: || (== net50) (&& (== netcoreapp3.1) (>= net50)) (&& (== netstandard2.1) (>= net50))
    Grpc (2.37.1) - restriction: || (== net50) (== netcoreapp3.1) (&& (== netstandard2.1) (>= netcoreapp3.1))
      Grpc.Core (>= 2.37.1)
    Grpc.AspNetCore.Server (2.37) - restriction: || (== net50) (== netcoreapp3.1) (&& (== netstandard2.1) (>= netcoreapp3.1))
      Grpc.Net.Common (>= 2.37) - restriction: || (== net50) (== netcoreapp3.1) (&& (== netstandard2.1) (>= netcoreapp3.0))
    Grpc.Core (2.37.1) - restriction: || (== net50) (== netcoreapp3.1) (&& (== netstandard2.1) (>= netcoreapp3.1))
      Grpc.Core.Api (>= 2.37.1)
      System.Memory (>= 4.5.3)
    Grpc.Core.Api (2.37.1) - restriction: || (== net50) (== netcoreapp3.1) (&& (== netstandard2.1) (>= netcoreapp3.1))
      System.Memory (>= 4.5.3)
    Grpc.Net.Client (2.37) - restriction: || (== net50) (&& (== netcoreapp3.1) (>= net50)) (&& (== netstandard2.1) (>= net50))
      Grpc.Net.Common (>= 2.37)
      Microsoft.Extensions.Logging.Abstractions (>= 3.0.3)
    Grpc.Net.ClientFactory (2.37) - restriction: || (== net50) (&& (== netcoreapp3.1) (>= net50)) (&& (== netstandard2.1) (>= net50))
      Grpc.Net.Client (>= 2.37)
      Microsoft.Extensions.Http (>= 3.0.3)
    Grpc.Net.Common (2.37) - restriction: || (== net50) (== netcoreapp3.1) (&& (== netstandard2.1) (>= net50)) (&& (== netstandard2.1) (>= netcoreapp3.1))
      Grpc.Core.Api (>= 2.37)
    Microsoft.Azure.Functions.Worker (1.2)
      Azure.Core (>= 1.10) - restriction: || (== net50) (&& (== netcoreapp3.1) (>= net50)) (&& (== netstandard2.1) (>= net50))
      Microsoft.Azure.Functions.Worker.Core (>= 1.1) - restriction: || (== net50) (&& (== netcoreapp3.1) (>= net50)) (&& (== netstandard2.1) (>= net50))
      Microsoft.Azure.Functions.Worker.Grpc (>= 1.1) - restriction: || (== net50) (&& (== netcoreapp3.1) (>= net50)) (&& (== netstandard2.1) (>= net50))
      Microsoft.Extensions.Hosting (>= 5.0) - restriction: || (== net50) (&& (== netcoreapp3.1) (>= net50)) (&& (== netstandard2.1) (>= net50))
      Microsoft.Extensions.Hosting.Abstractions (>= 5.0) - restriction: || (== net50) (&& (== netcoreapp3.1) (>= net50)) (&& (== netstandard2.1) (>= net50))
    Microsoft.Azure.Functions.Worker.Core (1.1) - restriction: || (== net50) (&& (== netcoreapp3.1) (>= net50)) (&& (== netstandard2.1) (>= net50))
      Azure.Core (>= 1.10) - restriction: || (== net50) (&& (== netcoreapp3.1) (>= net50)) (&& (== netstandard2.1) (>= net50))
      Microsoft.Extensions.Hosting (>= 5.0) - restriction: || (== net50) (&& (== netcoreapp3.1) (>= net50)) (&& (== netstandard2.1) (>= net50))
      Microsoft.Extensions.Hosting.Abstractions (>= 5.0) - restriction: || (== net50) (&& (== netcoreapp3.1) (>= net50)) (&& (== netstandard2.1) (>= net50))
    Microsoft.Azure.Functions.Worker.Extensions.Abstractions (1.0)
    Microsoft.Azure.Functions.Worker.Extensions.Http (3.0.13)
      Microsoft.Azure.Functions.Worker.Extensions.Abstractions (>= 1.0)
    Microsoft.Azure.Functions.Worker.Grpc (1.1) - restriction: || (== net50) (&& (== netcoreapp3.1) (>= net50)) (&& (== netstandard2.1) (>= net50))
      Azure.Core (>= 1.10) - restriction: || (== net50) (&& (== netcoreapp3.1) (>= net50)) (&& (== netstandard2.1) (>= net50))
      Google.Protobuf (>= 3.15.8) - restriction: || (== net50) (&& (== netcoreapp3.1) (>= net50)) (&& (== netstandard2.1) (>= net50))
      Grpc.Net.Client (>= 2.37) - restriction: || (== net50) (&& (== netcoreapp3.1) (>= net50)) (&& (== netstandard2.1) (>= net50))
      Grpc.Net.ClientFactory (>= 2.37) - restriction: || (== net50) (&& (== netcoreapp3.1) (>= net50)) (&& (== netstandard2.1) (>= net50))
      Microsoft.Azure.Functions.Worker.Core (>= 1.1) - restriction: || (== net50) (&& (== netcoreapp3.1) (>= net50)) (&& (== netstandard2.1) (>= net50))
      Microsoft.Extensions.Hosting (>= 5.0) - restriction: || (== net50) (&& (== netcoreapp3.1) (>= net50)) (&& (== netstandard2.1) (>= net50))
      Microsoft.Extensions.Hosting.Abstractions (>= 5.0) - restriction: || (== net50) (&& (== netcoreapp3.1) (>= net50)) (&& (== netstandard2.1) (>= net50))
    Microsoft.Azure.Functions.Worker.Sdk (1.0.3)
      Microsoft.Azure.Functions.Worker.Sdk.Analyzers (>= 1.0)
    Microsoft.Azure.Functions.Worker.Sdk.Analyzers (1.0)
    Microsoft.Bcl.AsyncInterfaces (5.0) - restriction: || (== net50) (&& (== netcoreapp3.1) (>= net50)) (&& (== netstandard2.1) (>= net50))
    Microsoft.CodeCoverage (16.9.4) - restriction: || (== net50) (== netcoreapp3.1) (&& (== netstandard2.1) (>= net45)) (&& (== netstandard2.1) (>= netcoreapp1.0))
    Microsoft.Extensions.Configuration (5.0) - restriction: || (== net50) (&& (== netcoreapp3.1) (>= net50)) (&& (== netstandard2.1) (>= net50))
      Microsoft.Extensions.Configuration.Abstractions (>= 5.0)
      Microsoft.Extensions.Primitives (>= 5.0)
    Microsoft.Extensions.Configuration.Abstractions (5.0) - restriction: || (== net50) (&& (== netcoreapp3.1) (>= net50)) (&& (== netstandard2.1) (>= net50))
      Microsoft.Extensions.Primitives (>= 5.0)
    Microsoft.Extensions.Configuration.Binder (5.0) - restriction: || (== net50) (&& (== netcoreapp3.1) (>= net50)) (&& (== netstandard2.1) (>= net50))
      Microsoft.Extensions.Configuration.Abstractions (>= 5.0)
    Microsoft.Extensions.Configuration.CommandLine (5.0) - restriction: || (== net50) (&& (== netcoreapp3.1) (>= net50)) (&& (== netstandard2.1) (>= net50))
      Microsoft.Extensions.Configuration (>= 5.0)
      Microsoft.Extensions.Configuration.Abstractions (>= 5.0)
    Microsoft.Extensions.Configuration.EnvironmentVariables (5.0) - restriction: || (== net50) (&& (== netcoreapp3.1) (>= net50)) (&& (== netstandard2.1) (>= net50))
      Microsoft.Extensions.Configuration (>= 5.0)
      Microsoft.Extensions.Configuration.Abstractions (>= 5.0)
    Microsoft.Extensions.Configuration.FileExtensions (5.0) - restriction: || (== net50) (&& (== netcoreapp3.1) (>= net50)) (&& (== netstandard2.1) (>= net50))
      Microsoft.Extensions.Configuration (>= 5.0)
      Microsoft.Extensions.Configuration.Abstractions (>= 5.0)
      Microsoft.Extensions.FileProviders.Abstractions (>= 5.0)
      Microsoft.Extensions.FileProviders.Physical (>= 5.0)
      Microsoft.Extensions.Primitives (>= 5.0)
    Microsoft.Extensions.Configuration.Json (5.0) - restriction: || (== net50) (&& (== netcoreapp3.1) (>= net50)) (&& (== netstandard2.1) (>= net50))
      Microsoft.Extensions.Configuration (>= 5.0)
      Microsoft.Extensions.Configuration.Abstractions (>= 5.0)
      Microsoft.Extensions.Configuration.FileExtensions (>= 5.0)
      Microsoft.Extensions.FileProviders.Abstractions (>= 5.0)
    Microsoft.Extensions.Configuration.UserSecrets (5.0) - restriction: || (== net50) (&& (== netcoreapp3.1) (>= net50)) (&& (== netstandard2.1) (>= net50))
      Microsoft.Extensions.Configuration.Abstractions (>= 5.0)
      Microsoft.Extensions.Configuration.Json (>= 5.0)
      Microsoft.Extensions.FileProviders.Abstractions (>= 5.0)
      Microsoft.Extensions.FileProviders.Physical (>= 5.0)
    Microsoft.Extensions.DependencyInjection (5.0.1) - restriction: || (== net50) (&& (== netcoreapp3.1) (>= net50)) (&& (== netstandard2.1) (>= net50))
      Microsoft.Extensions.DependencyInjection.Abstractions (>= 5.0)
    Microsoft.Extensions.DependencyInjection.Abstractions (5.0) - restriction: || (== net50) (&& (== netcoreapp3.1) (>= net50)) (&& (== netstandard2.1) (>= net50))
    Microsoft.Extensions.FileProviders.Abstractions (5.0) - restriction: || (== net50) (&& (== netcoreapp3.1) (>= net50)) (&& (== netstandard2.1) (>= net50))
      Microsoft.Extensions.Primitives (>= 5.0)
    Microsoft.Extensions.FileProviders.Physical (5.0) - restriction: || (== net50) (&& (== netcoreapp3.1) (>= net50)) (&& (== netstandard2.1) (>= net50))
      Microsoft.Extensions.FileProviders.Abstractions (>= 5.0)
      Microsoft.Extensions.FileSystemGlobbing (>= 5.0)
      Microsoft.Extensions.Primitives (>= 5.0)
    Microsoft.Extensions.FileSystemGlobbing (5.0) - restriction: || (== net50) (&& (== netcoreapp3.1) (>= net50)) (&& (== netstandard2.1) (>= net50))
    Microsoft.Extensions.Hosting (5.0) - restriction: || (== net50) (&& (== netcoreapp3.1) (>= net50)) (&& (== netstandard2.1) (>= net50))
      Microsoft.Extensions.Configuration (>= 5.0)
      Microsoft.Extensions.Configuration.Abstractions (>= 5.0)
      Microsoft.Extensions.Configuration.Binder (>= 5.0)
      Microsoft.Extensions.Configuration.CommandLine (>= 5.0)
      Microsoft.Extensions.Configuration.EnvironmentVariables (>= 5.0)
      Microsoft.Extensions.Configuration.FileExtensions (>= 5.0)
      Microsoft.Extensions.Configuration.Json (>= 5.0)
      Microsoft.Extensions.Configuration.UserSecrets (>= 5.0)
      Microsoft.Extensions.DependencyInjection (>= 5.0)
      Microsoft.Extensions.DependencyInjection.Abstractions (>= 5.0)
      Microsoft.Extensions.FileProviders.Abstractions (>= 5.0)
      Microsoft.Extensions.FileProviders.Physical (>= 5.0)
      Microsoft.Extensions.Hosting.Abstractions (>= 5.0)
      Microsoft.Extensions.Logging (>= 5.0)
      Microsoft.Extensions.Logging.Abstractions (>= 5.0)
      Microsoft.Extensions.Logging.Configuration (>= 5.0)
      Microsoft.Extensions.Logging.Console (>= 5.0)
      Microsoft.Extensions.Logging.Debug (>= 5.0)
      Microsoft.Extensions.Logging.EventLog (>= 5.0)
      Microsoft.Extensions.Logging.EventSource (>= 5.0)
      Microsoft.Extensions.Options (>= 5.0)
    Microsoft.Extensions.Hosting.Abstractions (5.0) - restriction: || (== net50) (&& (== netcoreapp3.1) (>= net50)) (&& (== netstandard2.1) (>= net50))
      Microsoft.Extensions.Configuration.Abstractions (>= 5.0)
      Microsoft.Extensions.DependencyInjection.Abstractions (>= 5.0)
      Microsoft.Extensions.FileProviders.Abstractions (>= 5.0)
    Microsoft.Extensions.Http (5.0) - restriction: || (== net50) (&& (== netcoreapp3.1) (>= net50)) (&& (== netstandard2.1) (>= net50))
      Microsoft.Extensions.DependencyInjection.Abstractions (>= 5.0)
      Microsoft.Extensions.Logging (>= 5.0)
      Microsoft.Extensions.Logging.Abstractions (>= 5.0)
      Microsoft.Extensions.Options (>= 5.0)
    Microsoft.Extensions.Logging (5.0) - restriction: || (== net50) (&& (== netcoreapp3.1) (>= net50)) (&& (== netstandard2.1) (>= net50))
      Microsoft.Extensions.DependencyInjection (>= 5.0)
      Microsoft.Extensions.DependencyInjection.Abstractions (>= 5.0)
      Microsoft.Extensions.Logging.Abstractions (>= 5.0)
      Microsoft.Extensions.Options (>= 5.0)
    Microsoft.Extensions.Logging.Abstractions (5.0) - restriction: || (== net50) (&& (== netcoreapp3.1) (>= net50)) (&& (== netstandard2.1) (>= net50))
    Microsoft.Extensions.Logging.Configuration (5.0) - restriction: || (== net50) (&& (== netcoreapp3.1) (>= net50)) (&& (== netstandard2.1) (>= net50))
      Microsoft.Extensions.Configuration (>= 5.0)
      Microsoft.Extensions.Configuration.Abstractions (>= 5.0)
      Microsoft.Extensions.Configuration.Binder (>= 5.0)
      Microsoft.Extensions.DependencyInjection.Abstractions (>= 5.0)
      Microsoft.Extensions.Logging (>= 5.0)
      Microsoft.Extensions.Logging.Abstractions (>= 5.0)
      Microsoft.Extensions.Options (>= 5.0)
      Microsoft.Extensions.Options.ConfigurationExtensions (>= 5.0)
    Microsoft.Extensions.Logging.Console (5.0) - restriction: || (== net50) (&& (== netcoreapp3.1) (>= net50)) (&& (== netstandard2.1) (>= net50))
      Microsoft.Extensions.Configuration.Abstractions (>= 5.0)
      Microsoft.Extensions.DependencyInjection.Abstractions (>= 5.0)
      Microsoft.Extensions.Logging (>= 5.0)
      Microsoft.Extensions.Logging.Abstractions (>= 5.0)
      Microsoft.Extensions.Logging.Configuration (>= 5.0)
      Microsoft.Extensions.Options (>= 5.0)
      Microsoft.Extensions.Options.ConfigurationExtensions (>= 5.0)
    Microsoft.Extensions.Logging.Debug (5.0) - restriction: || (== net50) (&& (== netcoreapp3.1) (>= net50)) (&& (== netstandard2.1) (>= net50))
      Microsoft.Extensions.DependencyInjection.Abstractions (>= 5.0)
      Microsoft.Extensions.Logging (>= 5.0)
      Microsoft.Extensions.Logging.Abstractions (>= 5.0)
    Microsoft.Extensions.Logging.EventLog (5.0) - restriction: || (== net50) (&& (== netcoreapp3.1) (>= net50)) (&& (== netstandard2.1) (>= net50))
      Microsoft.Extensions.DependencyInjection.Abstractions (>= 5.0)
      Microsoft.Extensions.Logging (>= 5.0)
      Microsoft.Extensions.Logging.Abstractions (>= 5.0)
      Microsoft.Extensions.Options (>= 5.0)
      System.Diagnostics.EventLog (>= 5.0)
    Microsoft.Extensions.Logging.EventSource (5.0.1) - restriction: || (== net50) (&& (== netcoreapp3.1) (>= net50)) (&& (== netstandard2.1) (>= net50))
      Microsoft.Extensions.DependencyInjection.Abstractions (>= 5.0)
      Microsoft.Extensions.Logging (>= 5.0)
      Microsoft.Extensions.Logging.Abstractions (>= 5.0)
      Microsoft.Extensions.Options (>= 5.0)
      Microsoft.Extensions.Primitives (>= 5.0.1)
    Microsoft.Extensions.Options (5.0) - restriction: || (== net50) (&& (== netcoreapp3.1) (>= net50)) (&& (== netstandard2.1) (>= net50))
      Microsoft.Extensions.DependencyInjection.Abstractions (>= 5.0)
      Microsoft.Extensions.Primitives (>= 5.0)
    Microsoft.Extensions.Options.ConfigurationExtensions (5.0) - restriction: || (== net50) (&& (== netcoreapp3.1) (>= net50)) (&& (== netstandard2.1) (>= net50))
      Microsoft.Extensions.Configuration.Abstractions (>= 5.0)
      Microsoft.Extensions.Configuration.Binder (>= 5.0)
      Microsoft.Extensions.DependencyInjection.Abstractions (>= 5.0)
      Microsoft.Extensions.Options (>= 5.0)
      Microsoft.Extensions.Primitives (>= 5.0)
    Microsoft.Extensions.Primitives (5.0.1) - restriction: || (== net50) (&& (== netcoreapp3.1) (>= net50)) (&& (== netstandard2.1) (>= net50))
    Microsoft.NET.Test.Sdk (16.9.4)
      Microsoft.CodeCoverage (>= 16.9.4) - restriction: || (== net50) (== netcoreapp3.1) (&& (== netstandard2.1) (>= net45)) (&& (== netstandard2.1) (>= netcoreapp1.0))
      Microsoft.TestPlatform.TestHost (>= 16.9.4) - restriction: || (== net50) (== netcoreapp3.1) (&& (== netstandard2.1) (>= netcoreapp1.0))
    Microsoft.NETCore.Platforms (5.0.2)
    Microsoft.NETCore.Targets (5.0)
    Microsoft.TestPlatform.ObjectModel (16.9.4) - restriction: || (== net50) (== netcoreapp3.1) (&& (== netstandard2.1) (>= netcoreapp1.0))
      NuGet.Frameworks (>= 5.0)
      System.Reflection.Metadata (>= 1.6)
    Microsoft.TestPlatform.TestHost (16.9.4) - restriction: || (== net50) (== netcoreapp3.1) (&& (== netstandard2.1) (>= netcoreapp1.0))
      Microsoft.TestPlatform.ObjectModel (>= 16.9.4) - restriction: || (== net50) (== netcoreapp3.1) (&& (== netstandard2.1) (>= netcoreapp1.0)) (&& (== netstandard2.1) (>= uap10.0))
      Newtonsoft.Json (>= 9.0.1) - restriction: || (== net50) (== netcoreapp3.1) (&& (== netstandard2.1) (>= netcoreapp1.0)) (&& (== netstandard2.1) (>= uap10.0))
    Microsoft.Win32.Registry (5.0) - restriction: || (== net50) (&& (== netcoreapp3.1) (>= net50)) (&& (== netstandard2.1) (>= net50))
      System.Security.AccessControl (>= 5.0)
      System.Security.Principal.Windows (>= 5.0)
    NETStandard.Library (2.0.3)
      Microsoft.NETCore.Platforms (>= 1.1)
    Newtonsoft.Json (13.0.1)
    NSwag.MSBuild (13.11.1)
    NuGet.Frameworks (5.9.1) - restriction: || (== net50) (== netcoreapp3.1) (&& (== netstandard2.1) (>= netcoreapp1.0))
    OneOf (3.0.186) - restriction: || (== net50) (== netcoreapp3.1) (&& (== netstandard2.1) (>= netcoreapp3.1))
      NETStandard.Library (>= 1.6.1)
    Ply (0.3.1)
      FSharp.Core (>= 4.6.2)
      System.Threading.Tasks.Extensions (>= 4.5.4)
    Pulumi (3.3) - restriction: || (== net50) (== netcoreapp3.1) (&& (== netstandard2.1) (>= netcoreapp3.1))
      Grpc (>= 2.37) - restriction: || (== net50) (== netcoreapp3.1) (&& (== netstandard2.1) (>= netcoreapp3.1))
      OneOf (>= 2.1.151) - restriction: || (== net50) (== netcoreapp3.1) (&& (== netstandard2.1) (>= netcoreapp3.1))
      Pulumi.Protobuf (>= 3.13) - restriction: || (== net50) (== netcoreapp3.1) (&& (== netstandard2.1) (>= netcoreapp3.1))
      Semver (>= 2.0.6) - restriction: || (== net50) (== netcoreapp3.1) (&& (== netstandard2.1) (>= netcoreapp3.1))
      Serilog (>= 2.9) - restriction: || (== net50) (== netcoreapp3.1) (&& (== netstandard2.1) (>= netcoreapp3.1))
      Serilog.Sinks.Console (>= 3.1.1) - restriction: || (== net50) (== netcoreapp3.1) (&& (== netstandard2.1) (>= netcoreapp3.1))
      Serilog.Sinks.File (>= 4.1) - restriction: || (== net50) (== netcoreapp3.1) (&& (== netstandard2.1) (>= netcoreapp3.1))
      System.Collections.Immutable (>= 1.6) - restriction: || (== net50) (== netcoreapp3.1) (&& (== netstandard2.1) (>= netcoreapp3.1))
    Pulumi.Automation (3.3)
      CliWrap (>= 3.3.2) - restriction: || (== net50) (== netcoreapp3.1) (&& (== netstandard2.1) (>= netcoreapp3.1))
      Grpc.AspNetCore.Server (>= 2.37) - restriction: || (== net50) (== netcoreapp3.1) (&& (== netstandard2.1) (>= netcoreapp3.1))
      Pulumi (>= 3.3) - restriction: || (== net50) (== netcoreapp3.1) (&& (== netstandard2.1) (>= netcoreapp3.1))
      YamlDotNet (>= 11.1.1) - restriction: || (== net50) (== netcoreapp3.1) (&& (== netstandard2.1) (>= netcoreapp3.1))
    Pulumi.Aws (4.5.1)
      Pulumi (>= 3.2.1) - restriction: || (== net50) (== netcoreapp3.1) (&& (== netstandard2.1) (>= netcoreapp3.1))
      System.Collections.Immutable (>= 1.6) - restriction: || (== net50) (== netcoreapp3.1) (&& (== netstandard2.1) (>= netcoreapp3.1))
    Pulumi.AzureNative (1.7)
      Pulumi (>= 3.2.1) - restriction: || (== net50) (== netcoreapp3.1) (&& (== netstandard2.1) (>= netcoreapp3.1))
      System.Collections.Immutable (>= 1.6) - restriction: || (== net50) (== netcoreapp3.1) (&& (== netstandard2.1) (>= netcoreapp3.1))
    Pulumi.FSharp (3.3)
      FSharp.Core (>= 4.7.2) - restriction: || (== net50) (== netcoreapp3.1) (&& (== netstandard2.1) (>= netcoreapp3.1))
      Pulumi (>= 3.3) - restriction: || (== net50) (== netcoreapp3.1) (&& (== netstandard2.1) (>= netcoreapp3.1))
    Pulumi.Github (4.0.1)
      Pulumi (>= 3.2.1) - restriction: || (== net50) (== netcoreapp3.1) (&& (== netstandard2.1) (>= netcoreapp3.1))
      System.Collections.Immutable (>= 1.6) - restriction: || (== net50) (== netcoreapp3.1) (&& (== netstandard2.1) (>= netcoreapp3.1))
    Pulumi.Protobuf (3.13) - restriction: || (== net50) (== netcoreapp3.1) (&& (== netstandard2.1) (>= netcoreapp3.1))
      System.Memory (>= 4.5.2)
      System.Runtime.CompilerServices.Unsafe (>= 4.5.2)
    Pulumi.Random (4.1.1)
      Pulumi (>= 3.2.1) - restriction: || (== net50) (== netcoreapp3.1) (&& (== netstandard2.1) (>= netcoreapp3.1))
      System.Collections.Immutable (>= 1.6) - restriction: || (== net50) (== netcoreapp3.1) (&& (== netstandard2.1) (>= netcoreapp3.1))
    runtime.native.System (4.3.1) - restriction: || (== net50) (== netcoreapp3.1) (&& (== netstandard2.1) (>= netcoreapp3.1))
      Microsoft.NETCore.Platforms (>= 1.1.1)
      Microsoft.NETCore.Targets (>= 1.1.3)
    SchlenkR.FsHttp (5.1)
      FSharp.Core (>= 5.0)
      FSharp.Data (>= 4.0.1)
    Semver (2.0.6) - restriction: || (== net50) (== netcoreapp3.1) (&& (== netstandard2.1) (>= netcoreapp3.1))
      NETStandard.Library (>= 1.6.1)
    Serilog (2.10) - restriction: || (== net50) (== netcoreapp3.1) (&& (== netstandard2.1) (>= netcoreapp3.1))
    Serilog.Sinks.Console (3.1.1) - restriction: || (== net50) (== netcoreapp3.1) (&& (== netstandard2.1) (>= netcoreapp3.1))
      Serilog (>= 2.5)
      System.Console (>= 4.3)
      System.Runtime.InteropServices (>= 4.3) - restriction: || (== net50) (== netcoreapp3.1) (&& (== netstandard2.1) (>= netcoreapp1.1))
      System.Runtime.InteropServices.RuntimeInformation (>= 4.3) - restriction: || (== net50) (== netcoreapp3.1) (&& (== netstandard2.1) (>= netcoreapp1.1))
    Serilog.Sinks.File (4.1) - restriction: || (== net50) (== netcoreapp3.1) (&& (== netstandard2.1) (>= netcoreapp3.1))
      Serilog (>= 2.5)
      System.IO.FileSystem (>= 4.0.1)
      System.Text.Encoding.Extensions (>= 4.0.11)
      System.Threading.Timer (>= 4.0.1)
    System.Buffers (4.5.1) - restriction: || (== net50) (&& (== netcoreapp3.1) (>= net50)) (&& (== netstandard2.1) (>= net50))
    System.Collections.Immutable (5.0) - restriction: || (== net50) (== netcoreapp3.1) (&& (== netstandard2.1) (>= netcoreapp1.0)) (&& (== netstandard2.1) (>= netcoreapp3.1))
    System.Console (4.3.1) - restriction: || (== net50) (== netcoreapp3.1) (&& (== netstandard2.1) (>= netcoreapp3.1))
      Microsoft.NETCore.Platforms (>= 1.1)
      Microsoft.NETCore.Targets (>= 1.1.2)
      System.IO (>= 4.3)
      System.Runtime (>= 4.3)
      System.Text.Encoding (>= 4.3)
    System.Diagnostics.DiagnosticSource (5.0.1) - restriction: || (== net50) (&& (== netcoreapp3.1) (>= net50)) (&& (== netstandard2.1) (>= net50))
    System.Diagnostics.EventLog (5.0.1) - restriction: || (== net50) (&& (== netcoreapp3.1) (>= net50)) (&& (== netstandard2.1) (>= net50))
      Microsoft.NETCore.Platforms (>= 5.0.1) - restriction: || (== net50) (== netcoreapp3.1) (&& (== netstandard2.1) (>= netcoreapp2.0))
      Microsoft.Win32.Registry (>= 5.0) - restriction: || (== net50) (== netcoreapp3.1) (&& (== netstandard2.1) (>= netcoreapp2.0))
      System.Security.Principal.Windows (>= 5.0)
    System.Globalization (4.3) - restriction: || (== net50) (== netcoreapp3.1) (&& (== netstandard2.1) (>= netcoreapp3.1))
      Microsoft.NETCore.Platforms (>= 1.1)
      Microsoft.NETCore.Targets (>= 1.1)
      System.Runtime (>= 4.3)
    System.IO (4.3)
      Microsoft.NETCore.Platforms (>= 1.1)
      Microsoft.NETCore.Targets (>= 1.1)
      System.Runtime (>= 4.3)
      System.Text.Encoding (>= 4.3)
      System.Threading.Tasks (>= 4.3)
    System.IO.FileSystem (4.3) - restriction: || (== net50) (== netcoreapp3.1) (&& (== netstandard2.1) (>= netcoreapp3.1))
      Microsoft.NETCore.Platforms (>= 1.1)
      Microsoft.NETCore.Targets (>= 1.1)
      System.IO (>= 4.3)
      System.IO.FileSystem.Primitives (>= 4.3)
      System.Runtime (>= 4.3)
      System.Runtime.Handles (>= 4.3)
      System.Text.Encoding (>= 4.3)
      System.Threading.Tasks (>= 4.3)
    System.IO.FileSystem.Primitives (4.3) - restriction: || (== net50) (== netcoreapp3.1) (&& (== netstandard2.1) (>= netcoreapp3.1))
      System.Runtime (>= 4.3)
    System.Memory (4.5.4) - restriction: || (== net50) (== netcoreapp3.1) (&& (== netstandard2.1) (>= net50)) (&& (== netstandard2.1) (>= netcoreapp3.1))
    System.Memory.Data (1.0.2) - restriction: || (== net50) (&& (== netcoreapp3.1) (>= net50)) (&& (== netstandard2.1) (>= net50))
      System.Text.Encodings.Web (>= 4.7.2)
      System.Text.Json (>= 4.6)
    System.Numerics.Vectors (4.5) - restriction: || (== net50) (&& (== netcoreapp3.1) (>= net50)) (&& (== netstandard2.1) (>= net50))
    System.Reflection (4.3)
      Microsoft.NETCore.Platforms (>= 1.1)
      Microsoft.NETCore.Targets (>= 1.1)
      System.IO (>= 4.3)
      System.Reflection.Primitives (>= 4.3)
      System.Runtime (>= 4.3)
    System.Reflection.Extensions (4.3) - restriction: || (== net50) (== netcoreapp3.1) (&& (== netstandard2.1) (>= netcoreapp3.1))
      Microsoft.NETCore.Platforms (>= 1.1)
      Microsoft.NETCore.Targets (>= 1.1)
      System.Reflection (>= 4.3)
      System.Runtime (>= 4.3)
    System.Reflection.Metadata (5.0) - restriction: || (== net50) (== netcoreapp3.1) (&& (== netstandard2.1) (>= netcoreapp1.0))
      System.Collections.Immutable (>= 5.0) - restriction: || (&& (== net50) (>= net461)) (&& (== net50) (< netstandard1.1)) (&& (== net50) (< netstandard2.0)) (== netcoreapp3.1) (== netstandard2.1)
    System.Reflection.Primitives (4.3)
      Microsoft.NETCore.Platforms (>= 1.1)
      Microsoft.NETCore.Targets (>= 1.1)
      System.Runtime (>= 4.3)
    System.Resources.ResourceManager (4.3) - restriction: || (== net50) (== netcoreapp3.1) (&& (== netstandard2.1) (>= netcoreapp3.1))
      Microsoft.NETCore.Platforms (>= 1.1)
      Microsoft.NETCore.Targets (>= 1.1)
      System.Globalization (>= 4.3)
      System.Reflection (>= 4.3)
      System.Runtime (>= 4.3)
    System.Runtime (4.3.1)
      Microsoft.NETCore.Platforms (>= 1.1.1)
      Microsoft.NETCore.Targets (>= 1.1.3)
    System.Runtime.CompilerServices.Unsafe (5.0)
    System.Runtime.Handles (4.3) - restriction: || (== net50) (== netcoreapp3.1) (&& (== netstandard2.1) (>= netcoreapp3.1))
      Microsoft.NETCore.Platforms (>= 1.1)
      Microsoft.NETCore.Targets (>= 1.1)
      System.Runtime (>= 4.3)
    System.Runtime.InteropServices (4.3) - restriction: || (== net50) (== netcoreapp3.1) (&& (== netstandard2.1) (>= netcoreapp3.1))
      Microsoft.NETCore.Platforms (>= 1.1)
      Microsoft.NETCore.Targets (>= 1.1)
      System.Reflection (>= 4.3)
      System.Reflection.Primitives (>= 4.3)
      System.Runtime (>= 4.3)
      System.Runtime.Handles (>= 4.3)
    System.Runtime.InteropServices.RuntimeInformation (4.3) - restriction: || (== net50) (== netcoreapp3.1) (&& (== netstandard2.1) (>= netcoreapp3.1))
      runtime.native.System (>= 4.3)
      System.Reflection (>= 4.3)
      System.Reflection.Extensions (>= 4.3)
      System.Resources.ResourceManager (>= 4.3)
      System.Runtime (>= 4.3)
      System.Runtime.InteropServices (>= 4.3)
      System.Threading (>= 4.3)
    System.Runtime.Loader (4.3)
      System.IO (>= 4.3)
      System.Reflection (>= 4.3)
      System.Runtime (>= 4.3)
    System.Security.AccessControl (5.0) - restriction: || (== net50) (&& (== netcoreapp3.1) (>= net50)) (&& (== netstandard2.1) (>= net50))
      Microsoft.NETCore.Platforms (>= 5.0) - restriction: || (== net50) (== netcoreapp3.1) (&& (== netstandard2.1) (>= netcoreapp2.0))
      System.Security.Principal.Windows (>= 5.0)
    System.Security.Principal.Windows (5.0) - restriction: || (== net50) (&& (== netcoreapp3.1) (>= net50)) (&& (== netstandard2.1) (>= net50))
    System.Text.Encoding (4.3)
      Microsoft.NETCore.Platforms (>= 1.1)
      Microsoft.NETCore.Targets (>= 1.1)
      System.Runtime (>= 4.3)
    System.Text.Encoding.Extensions (4.3) - restriction: || (== net50) (== netcoreapp3.1) (&& (== netstandard2.1) (>= netcoreapp3.1))
      Microsoft.NETCore.Platforms (>= 1.1)
      Microsoft.NETCore.Targets (>= 1.1)
      System.Runtime (>= 4.3)
      System.Text.Encoding (>= 4.3)
    System.Text.Encodings.Web (5.0.1) - restriction: || (== net50) (&& (== netcoreapp3.1) (>= net50)) (&& (== netstandard2.1) (>= net50))
    System.Text.Json (5.0.2) - restriction: || (== net50) (&& (== netcoreapp3.1) (>= net50)) (&& (== netstandard2.1) (>= net50))
    System.Threading (4.3) - restriction: || (== net50) (== netcoreapp3.1) (&& (== netstandard2.1) (>= netcoreapp3.1))
      System.Runtime (>= 4.3)
      System.Threading.Tasks (>= 4.3)
    System.Threading.Tasks (4.3)
      Microsoft.NETCore.Platforms (>= 1.1)
      Microsoft.NETCore.Targets (>= 1.1)
      System.Runtime (>= 4.3)
    System.Threading.Tasks.Extensions (4.5.4)
      System.Runtime.CompilerServices.Unsafe (>= 4.5.3) - restriction: || (&& (== net50) (>= net461)) (&& (== net50) (< netcoreapp2.1)) (&& (== net50) (< netstandard1.0)) (&& (== net50) (< netstandard2.0)) (&& (== net50) (>= wp8)) (&& (== netcoreapp3.1) (>= net461)) (&& (== netcoreapp3.1) (< netcoreapp2.1)) (&& (== netcoreapp3.1) (< netstandard1.0)) (&& (== netcoreapp3.1) (< netstandard2.0)) (&& (== netcoreapp3.1) (>= wp8)) (== netstandard2.1)
    System.Threading.Timer (4.3) - restriction: || (== net50) (== netcoreapp3.1) (&& (== netstandard2.1) (>= netcoreapp3.1))
      Microsoft.NETCore.Platforms (>= 1.1)
      Microsoft.NETCore.Targets (>= 1.1)
      System.Runtime (>= 4.3)
    Thoth.Json (5.1)
      Fable.Core (>= 3.1.6)
      FSharp.Core (>= 4.7.2)
    Unquote (6.1)
      FSharp.Core (>= 4.7.2)
    xunit (2.4.1)
      xunit.analyzers (>= 0.10)
      xunit.assert (2.4.1)
      xunit.core (2.4.1)
    xunit.abstractions (2.0.3)
    xunit.analyzers (0.10)
    xunit.assert (2.4.1)
      NETStandard.Library (>= 1.6.1)
    xunit.core (2.4.1)
      xunit.extensibility.core (2.4.1)
      xunit.extensibility.execution (2.4.1)
    xunit.extensibility.core (2.4.1)
      NETStandard.Library (>= 1.6.1)
      xunit.abstractions (>= 2.0.3)
    xunit.extensibility.execution (2.4.1)
      NETStandard.Library (>= 1.6.1)
      xunit.extensibility.core (2.4.1)
    xunit.runner.visualstudio (2.4.3)
    YamlDotNet (11.1.1) - restriction: || (== net50) (== netcoreapp3.1) (&& (== netstandard2.1) (>= netcoreapp3.1))
